PATH
  remote: ../trailblazer-activity-dsl-linear
  specs:
    trailblazer-activity-dsl-linear (0.2.6)
      trailblazer-activity (>= 0.9.1, < 1.0.0)

PATH
  remote: ../trailblazer-activity
  specs:
    trailblazer-activity (0.10.0)
      trailblazer-context (>= 0.2.0, < 0.3.0)

PATH
  remote: ../trailblazer-developer
  specs:
    trailblazer-developer (0.0.12)
      hirb
      representable
      trailblazer-activity (>= 0.10.0, < 1.0.0)
      trailblazer-activity-dsl-linear

PATH
  remote: .
  specs:
    trailblazer-endpoint (0.0.1)
      trailblazer-activity-dsl-linear

GEM
  remote: https://rubygems.org/
  specs:
    concurrent-ruby (1.1.5)
    declarative (0.0.10)
    declarative-option (0.1.0)
    dry-configurable (0.8.3)
      concurrent-ruby (~> 1.0)
      dry-core (~> 0.4, >= 0.4.7)
    dry-container (0.7.2)
      concurrent-ruby (~> 1.0)
      dry-configurable (~> 0.1, >= 0.1.3)
    dry-core (0.4.9)
      concurrent-ruby (~> 1.0)
    dry-equalizer (0.2.2)
    dry-inflector (0.2.0)
    dry-initializer (3.0.1)
    dry-logic (1.0.3)
      concurrent-ruby (~> 1.0)
      dry-core (~> 0.2)
      dry-equalizer (~> 0.2)
    dry-schema (1.4.1)
      concurrent-ruby (~> 1.0)
      dry-configurable (~> 0.8, >= 0.8.3)
      dry-core (~> 0.4)
      dry-equalizer (~> 0.2)
      dry-initializer (~> 3.0)
      dry-logic (~> 1.0)
      dry-types (~> 1.2)
    dry-types (1.2.0)
      concurrent-ruby (~> 1.0)
      dry-container (~> 0.3)
      dry-core (~> 0.4, >= 0.4.4)
      dry-equalizer (~> 0.2, >= 0.2.2)
      dry-inflector (~> 0.1, >= 0.1.2)
      dry-logic (~> 1.0, >= 1.0.2)
    dry-validation (1.3.1)
      concurrent-ruby (~> 1.0)
      dry-container (~> 0.7, >= 0.7.1)
      dry-core (~> 0.4)
      dry-equalizer (~> 0.2)
      dry-initializer (~> 3.0)
      dry-schema (~> 1.0, >= 1.3.1)
    hirb (0.7.3)
    minitest (5.13.0)
    minitest-line (0.6.5)
      minitest (~> 5.0)
    multi_json (1.14.1)
    rake (13.0.0)
    representable (3.0.4)
      declarative (< 0.1.0)
      declarative-option (< 0.2.0)
      uber (< 0.2.0)
    trailblazer-context (0.2.0)
    uber (0.1.0)

PLATFORMS
  ruby

DEPENDENCIES
  bundler
  dry-validation
  minitest
  minitest-line
  multi_json
  rake
  trailblazer-activity!
  trailblazer-activity-dsl-linear!
  trailblazer-developer!
  trailblazer-endpoint!

BUNDLED WITH
   2.1.4
